GEM
  remote: https://rubygems.org/
  specs:
    erubis (2.7.0)
    puma (3.8.2)
    rack (1.6.5)
    rack-protection (1.5.3)
      rack
    sinatra (1.4.8)
      rack (~> 1.5)
      rack-protection (~> 1.4)
      tilt (>= 1.3, < 3)
    tilt (2.0.7)
    win32ole-pp (1.2.0)

PLATFORMS
  x86-mingw32

DEPENDENCIES
  erubis
  puma
  sinatra
  win32ole-pp

BUNDLED WITH
   1.14.6
